GEM
  remote: https://rubygems.org/
  specs:
    byebug (11.1.1)
    rainbow (3.0.0)

PLATFORMS
  ruby

DEPENDENCIES
  byebug
  rainbow

BUNDLED WITH
   2.1.2
